GEM
  remote: https://rubygems.org/
  specs:
    commonmarker (0.23.4)

PLATFORMS
  ruby
  universal-darwin-21

DEPENDENCIES
  commonmarker (= 0.23.4)

BUNDLED WITH
   2.1.4
