GEM
  remote: https://rubygems.org/
  specs:
    commonmarker (0.22.0)

PLATFORMS
  universal-darwin-21

DEPENDENCIES
  commonmarker (= 0.22.0)

BUNDLED WITH
   2.3.13
